GEM
  remote: https://rubygems.org/
  specs:
    byebug (11.1.3)
    childprocess (4.1.0)
    faraday (1.0.1)
      multipart-post (>= 1.2, < 3)
    jwt (2.2.2)
    mini_portile2 (2.4.0)
    multipart-post (2.1.1)
    nokogiri (1.10.10)
      mini_portile2 (~> 2.4.0)
    regexp_parser (2.2.1)
    rexml (3.2.5)
    rubyzip (2.3.2)
    selenium-webdriver (4.1.0)
      childprocess (>= 0.5, < 5.0)
      rexml (~> 3.2, >= 3.2.5)
      rubyzip (>= 1.2.2)
    twilio-ruby (5.40.2)
      faraday (>= 0.9, < 2.0)
      jwt (>= 1.5, <= 2.5)
      nokogiri (>= 1.6, < 2.0)
    watir (6.19.1)
      regexp_parser (>= 1.2, < 3)
      selenium-webdriver (>= 3.142.7)

PLATFORMS
  ruby

DEPENDENCIES
  byebug
  nokogiri
  twilio-ruby
  watir (~> 6.19, >= 6.19.1)

RUBY VERSION
   ruby 2.6.5p114

BUNDLED WITH
   2.1.1
